GEM
  remote: http://rubygems.org/
  specs:
    ZenTest (4.4.0)
    actionmailer (2.3.11)
      actionpack (= 2.3.11)
    actionpack (2.3.11)
      activesupport (= 2.3.11)
      rack (~> 1.1.0)
    activerecord (2.3.11)
      activesupport (= 2.3.11)
    activeresource (2.3.11)
      activesupport (= 2.3.11)
    activesupport (2.3.11)
    ar-extensions (0.9.2)
      activerecord (>= 2.1.2)
    color (1.4.1)
    columnize (0.3.1)
    crypt-isaac (0.9.1)
    formtastic (1.1.0)
      actionpack (>= 2.3.0)
      activesupport (>= 2.3.0)
      i18n (>= 0.4.0)
    guid (0.1.1)
    highline (1.6.1)
    hoe (2.6.2)
      rake (>= 0.8.7)
      rubyforge (>= 2.0.4)
    i18n (0.4.1)
    json (1.4.6)
    json_pure (1.4.6)
    linecache (0.43)
    mysql (2.8.1)
    newrelic_rpm (2.13.4)
    parseexcel (0.5.2)
    pdf-writer (1.1.8)
      color (>= 1.4.0)
      transaction-simple (~> 1.3)
    rack (1.1.0)
    rack-debug (1.4.2)
      rack (>= 1.0)
      ruby-debug (>= 0.10)
    rails (2.3.11)
      actionmailer (= 2.3.11)
      actionpack (= 2.3.11)
      activerecord (= 2.3.11)
      activeresource (= 2.3.11)
      activesupport (= 2.3.11)
      rake (>= 0.8.3)
    rake (13.0.1)
    rest-client (0.8.2)
    rspec (1.3.0)
    rspec-rails (1.3.2)
      rack (>= 1.0.0)
      rspec (>= 1.3.0)
    ruby-debug (0.10.3)
      columnize (>= 0.1)
      ruby-debug-base (~> 0.10.3.0)
    ruby-debug-base (0.10.3)
      linecache (>= 0.3)
    rubycas-client (2.2.1)
      activesupport
    rubyforge (2.0.4)
      json_pure (>= 1.1.7)
    transaction-simple (1.4.0)
      hoe (>= 1.1.7)
    validatable (1.6.7)

PLATFORMS
  ruby

DEPENDENCIES
  ZenTest
  ar-extensions
  crypt-isaac (= 0.9.1)
  formtastic (= 1.1.0)
  guid (= 0.1.1)
  highline
  json
  mysql (= 2.8.1)
  newrelic_rpm
  parseexcel (= 0.5.2)
  pdf-writer
  rack-debug
  rails (= 2.3.11)
  rest-client (= 0.8.2)
  rspec (= 1.3.0)
  rspec-rails (= 1.3.2)
  ruby-debug
  rubycas-client (= 2.2.1)
  validatable
